PATH
  remote: .
  specs:
    vault_client (0.1.0)
      json

GEM
  specs:
    bigdecimal (3.2.2)
    diff-lcs (1.6.2)
    dotenv (3.1.8)
    eth (0.5.14)
      bigdecimal (~> 3.1)
      forwardable (~> 1.3)
      keccak (~> 1.3)
      konstructor (~> 1.0)
      openssl (>= 2.2, < 4.0)
      rbsecp256k1 (~> 6.0)
      scrypt (~> 3.0)
    ffi (1.17.2-arm64-darwin)
    ffi-compiler (1.3.2)
      ffi (>= 1.15.5)
      rake
    forwardable (1.3.3)
    json (2.12.2)
    keccak (1.3.2)
    konstructor (1.0.2)
    mini_portile2 (2.8.9)
    openssl (3.3.0)
    pkg-config (1.6.2)
    rake (13.3.0)
    rbsecp256k1 (6.0.0)
      mini_portile2 (~> 2.8)
      pkg-config (~> 1.5)
      rubyzip (~> 2.3)
    rspec (3.13.1)
      rspec-core (~> 3.13.0)
      rspec-expectations (~> 3.13.0)
      rspec-mocks (~> 3.13.0)
    rspec-core (3.13.4)
      rspec-support (~> 3.13.0)
    rspec-expectations (3.13.5)
      diff-lcs (>= 1.2.0, < 2.0)
      rspec-support (~> 3.13.0)
    rspec-mocks (3.13.5)
      diff-lcs (>= 1.2.0, < 2.0)
      rspec-support (~> 3.13.0)
    rspec-support (3.13.4)
    rubyzip (2.4.1)
    scrypt (3.0.8)
      ffi-compiler (>= 1.0, < 2.0)
      rake (>= 9, < 14)

PLATFORMS
  arm64-darwin-24

DEPENDENCIES
  dotenv
  eth
  rspec
  vault_client!

BUNDLED WITH
   2.6.7
